GIT
  remote: https://github.com/berrberr/guard-jekyll-plus.git
  revision: bbccb1aacdc8cfd2b2fe2240d00d733b2cdb3d78
  specs:
    guard-jekyll-plus (1.4.12)
      guard (~> 2.0)
      jekyll (~> 2.0)

GEM
  remote: https://rubygems.org/
  specs:
    addressable (2.5.0)
      public_suffix (~> 2.0, >= 2.0.2)
    autoprefixer-rails (6.7.2)
      execjs
    blankslate (2.1.2.4)
    classifier-reborn (2.1.0)
      fast-stemmer (~> 1.0)
    coderay (1.1.1)
    coffee-script (2.4.1)
      coffee-script-source
      execjs
    coffee-script-source (1.11.1)
    colorator (0.1)
    execjs (2.7.0)
    faraday (0.11.0)
      multipart-post (>= 1.2, < 3)
    fast-stemmer (1.0.2)
    ffi (1.9.17)
    formatador (0.2.5)
    guard (2.14.1)
      formatador (>= 0.2.4)
      listen (>= 2.7, < 4.0)
      lumberjack (~> 1.0)
      nenv (~> 0.1)
      notiffany (~> 0.0)
      pry (>= 0.9.12)
      shellany (~> 0.0)
      thor (>= 0.18.1)
    jekyll (2.4.0)
      classifier-reborn (~> 2.0)
      colorator (~> 0.1)
      jekyll-coffeescript (~> 1.0)
      jekyll-gist (~> 1.0)
      jekyll-paginate (~> 1.0)
      jekyll-sass-converter (~> 1.0)
      jekyll-watch (~> 1.1)
      kramdown (~> 1.3)
      liquid (~> 2.6.1)
      mercenary (~> 0.3.3)
      pygments.rb (~> 0.6.0)
      redcarpet (~> 3.1)
      safe_yaml (~> 1.0)
      toml (~> 0.1.0)
    jekyll-coffeescript (1.0.2)
      coffee-script (~> 2.2)
      coffee-script-source (~> 1.11.1)
    jekyll-gist (1.4.0)
      octokit (~> 4.2)
    jekyll-paginate (1.1.0)
    jekyll-sass-converter (1.5.0)
      sass (~> 3.4)
    jekyll-watch (1.5.0)
      listen (~> 3.0, < 3.1)
    kramdown (1.13.2)
    liquid (2.6.3)
    listen (3.0.8)
      rb-fsevent (~> 0.9, >= 0.9.4)
      rb-inotify (~> 0.9, >= 0.9.7)
    lumberjack (1.0.11)
    mercenary (0.3.6)
    method_source (0.8.2)
    multipart-post (2.0.0)
    nenv (0.3.0)
    notiffany (0.1.1)
      nenv (~> 0.1)
      shellany (~> 0.0)
    octokit (4.6.2)
      sawyer (~> 0.8.0, >= 0.5.3)
    octopress-autoprefixer (1.0.2)
      autoprefixer-rails
      jekyll (>= 2.0)
      octopress-hooks (~> 2.0)
    octopress-hooks (2.6.2)
      jekyll (>= 2.0)
    parslet (1.5.0)
      blankslate (~> 2.0)
    posix-spawn (0.3.13)
    pry (0.10.4)
      coderay (~> 1.1.0)
      method_source (~> 0.8.1)
      slop (~> 3.4)
    public_suffix (2.0.5)
    pygments.rb (0.6.3)
      posix-spawn (~> 0.3.6)
      yajl-ruby (~> 1.2.0)
    rack (1.5.5)
    rb-fsevent (0.9.8)
    rb-inotify (0.9.8)
      ffi (>= 0.5.0)
    redcarpet (3.4.0)
    safe_yaml (1.0.4)
    sass (3.4.23)
    sawyer (0.8.1)
      addressable (>= 2.3.5, < 2.6)
      faraday (~> 0.8, < 1.0)
    shellany (0.0.1)
    slop (3.6.0)
    thor (0.19.4)
    toml (0.1.2)
      parslet (~> 1.5.0)
    yajl-ruby (1.2.1)

PLATFORMS
  ruby

DEPENDENCIES
  guard-jekyll-plus!
  jekyll (~> 2.4.0)
  octopress-autoprefixer (~> 1.0.0)
  rack (~> 1.5.4)

BUNDLED WITH
   1.13.6
